PATH
  remote: .
  specs:
    zipmark (0.0.1.beta.10)

GEM
  remote: http://rubygems.org/
  specs:
    addressable (2.3.2)
    colored (1.2)
    crack (0.3.1)
    diff-lcs (1.1.3)
    httparty (0.9.0)
      multi_json (~> 1.0)
      multi_xml
    httpclient (2.3.0.1)
    json (1.7.5)
    multi_json (1.3.7)
    multi_xml (0.5.1)
    rake (10.0.2)
    rspec (2.12.0)
      rspec-core (~> 2.12.0)
      rspec-expectations (~> 2.12.0)
      rspec-mocks (~> 2.12.0)
    rspec-core (2.12.1)
    rspec-expectations (2.12.0)
      diff-lcs (~> 1.1.3)
    rspec-mocks (2.12.0)
    ruby_parser (3.0.1)
      sexp_processor (~> 4.1)
    sexp_processor (4.1.2)
    simplecov (0.7.1)
      multi_json (~> 1.0)
      simplecov-html (~> 0.7.1)
    simplecov-html (0.7.1)
    timecop (0.5.4)
    tomdoc (0.2.5)
      colored
      ruby_parser (>= 2.0.4)
    webmock (1.9.0)
      addressable (>= 2.2.7)
      crack (>= 0.1.7)

PLATFORMS
  ruby

DEPENDENCIES
  httparty (= 0.9.0)
  httpclient
  json
  rake
  rspec
  simplecov
  timecop
  tomdoc
  webmock
  zipmark!
